GEM
  remote: https://rubygems.org/
  specs:
    activemodel (3.2.8)
      activesupport (= 3.2.8)
      builder (~> 3.0.0)
    activerecord (3.2.8)
      activemodel (= 3.2.8)
      activesupport (= 3.2.8)
      arel (~> 3.0.2)
      tzinfo (~> 0.3.29)
    activesupport (3.2.8)
      i18n (~> 0.6)
      multi_json (~> 1.0)
    arel (3.0.2)
    builder (3.0.0)
    i18n (0.6.0)
    minitest (3.5.0)
    multi_json (1.0.4)
    national_patient_id (0.1.1)
    polyglot (0.3.3)
    rack (1.3.6)
    rack-protection (1.2.0)
      rack
    rack-test (0.6.2)
      rack (>= 1.0)
    serialport (1.1.0)
    sinatra (1.3.3)
      rack (~> 1.3, >= 1.3.6)
      rack-protection (~> 1.2)
      tilt (~> 1.3, >= 1.3.3)
    sqlite3 (1.3.6)
    tilt (1.3.3)
    treetop (1.4.12)
      polyglot
      polyglot (>= 0.3.1)
    tzinfo (0.3.31)
    zebra_printer (0.1.1)
      treetop

PLATFORMS
  ruby

DEPENDENCIES
  activerecord
  minitest (~> 3.5.0)
  national_patient_id
  rack-test
  serialport (~> 1.1.0)
  sinatra
  sqlite3
  zebra_printer
